PATH
  remote: .
  specs:
    iruby-chartkick (0.2.0)
      chartkick
      iruby

GEM
  remote: https://rubygems.org/
  specs:
    bond (0.5.1)
    chartkick (3.2.2)
    data_uri (0.1.0)
    diff-lcs (1.3)
    iruby (0.4.0)
      bond (~> 0.5)
      data_uri (~> 0.1)
      mimemagic (~> 0.3)
      multi_json (~> 1.11)
    mimemagic (0.3.3)
    multi_json (1.14.1)
    rake (10.5.0)
    rspec (3.9.0)
      rspec-core (~> 3.9.0)
      rspec-expectations (~> 3.9.0)
      rspec-mocks (~> 3.9.0)
    rspec-core (3.9.0)
      rspec-support (~> 3.9.0)
    rspec-expectations (3.9.0)
      diff-lcs (>= 1.2.0, < 2.0)
      rspec-support (~> 3.9.0)
    rspec-mocks (3.9.0)
      diff-lcs (>= 1.2.0, < 2.0)
      rspec-support (~> 3.9.0)
    rspec-support (3.9.0)

PLATFORMS
  ruby

DEPENDENCIES
  bundler
  iruby-chartkick!
  rake (~> 10.0)
  rspec (~> 3.0)

BUNDLED WITH
   2.0.2
