PATH
  remote: .
  specs:
    iruby-chartkick (0.2.1)
      chartkick
      iruby

GEM
  remote: https://rubygems.org/
  specs:
    chartkick (4.0.5)
    data_uri (0.1.0)
    diff-lcs (1.4.4)
    ffi (1.15.4)
    ffi-rzmq (2.0.7)
      ffi-rzmq-core (>= 1.0.7)
    ffi-rzmq-core (1.0.7)
      ffi
    io-console (0.5.9)
    irb (1.3.7)
      reline (>= 0.2.7)
    iruby (0.7.4)
      data_uri (~> 0.1)
      ffi-rzmq
      irb
      mime-types (>= 3.3.1)
      multi_json (~> 1.11)
      native-package-installer
    mime-types (3.3.1)
      mime-types-data (~> 3.2015)
    mime-types-data (3.2021.0901)
    multi_json (1.15.0)
    native-package-installer (1.1.1)
    rake (13.0.6)
    reline (0.2.7)
      io-console (~> 0.5)
    rspec (3.10.0)
      rspec-core (~> 3.10.0)
      rspec-expectations (~> 3.10.0)
      rspec-mocks (~> 3.10.0)
    rspec-core (3.10.1)
      rspec-support (~> 3.10.0)
    rspec-expectations (3.10.1)
      diff-lcs (>= 1.2.0, < 2.0)
      rspec-support (~> 3.10.0)
    rspec-mocks (3.10.2)
      diff-lcs (>= 1.2.0, < 2.0)
      rspec-support (~> 3.10.0)
    rspec-support (3.10.2)

PLATFORMS
  x86_64-darwin-20
  x86_64-linux

DEPENDENCIES
  bundler
  iruby-chartkick!
  rake (~> 13.0)
  rspec (~> 3.0)

BUNDLED WITH
   2.2.15
