PATH
  remote: .
  specs:
    iruby-chartkick (0.3.1)
      chartkick (~> 5.1.0)
      iruby

GEM
  remote: https://rubygems.org/
  specs:
    chartkick (5.1.0)
    data_uri (0.1.0)
    diff-lcs (1.5.1)
    ffi (1.17.0-arm64-darwin)
    ffi (1.17.0-x86_64-darwin)
    ffi (1.17.0-x86_64-linux-gnu)
    ffi-rzmq (2.0.7)
      ffi-rzmq-core (>= 1.0.7)
    ffi-rzmq-core (1.0.7)
      ffi
    io-console (0.7.2)
    irb (1.14.1)
      rdoc (>= 4.0.0)
      reline (>= 0.4.2)
    iruby (0.8.0)
      data_uri (~> 0.1)
      ffi-rzmq
      irb
      logger
      mime-types (>= 3.3.1)
      multi_json (~> 1.11)
      native-package-installer
    logger (1.6.1)
    mime-types (3.6.0)
      logger
      mime-types-data (~> 3.2015)
    mime-types-data (3.2024.1001)
    multi_json (1.15.0)
    native-package-installer (1.1.9)
    psych (5.1.2)
      stringio
    rake (13.2.1)
    rdoc (6.7.0)
      psych (>= 4.0.0)
    reline (0.5.10)
      io-console (~> 0.5)
    rspec (3.13.0)
      rspec-core (~> 3.13.0)
      rspec-expectations (~> 3.13.0)
      rspec-mocks (~> 3.13.0)
    rspec-core (3.13.1)
      rspec-support (~> 3.13.0)
    rspec-expectations (3.13.3)
      diff-lcs (>= 1.2.0, < 2.0)
      rspec-support (~> 3.13.0)
    rspec-mocks (3.13.2)
      diff-lcs (>= 1.2.0, < 2.0)
      rspec-support (~> 3.13.0)
    rspec-support (3.13.1)
    stringio (3.1.1)

PLATFORMS
  arm64-darwin-22
  arm64-darwin-23
  x86_64-darwin-20
  x86_64-linux

DEPENDENCIES
  bundler
  iruby-chartkick!
  rake (~> 13.2.1)
  rspec (~> 3.13.0)

BUNDLED WITH
   2.2.15
